CONTENT: NONE
FRAMEWORK: >= NET40
NUGET
  remote: http://www.nuget.org/api/v2
    Argu (2.1)
    AspNetMvc (4.0.20710)
      Microsoft.AspNet.Mvc (>= 4.0.20710 < 4.1)
    bootstrap (3.3.6)
      jQuery (>= 1.9.1 < 3.0)
    CsQuery (1.3.4)
    FluentMigrator (1.6.1)
    FluentMigrator.Runner (1.6.1)
      FluentMigrator (>= 1.6.1)
    FsCheck (2.0.7)
      FSharp.Core (>= 3.1.2.5)
    FsCheck.Xunit (2.0.7)
      FsCheck (>= 2.0.7)
      xunit (>= 1.9.2)
    FSharp.Compiler.Service (12.0.2)
      System.Collections.Immutable (>= 1.3.1)
      System.Reflection.Metadata (>= 1.4.2)
      System.ValueTuple (>= 4.3)
    FSharp.Core (4.1.2) - redirects: force
      System.ValueTuple (>= 4.3)
    HashLib (2.0.1)
    jQuery (2.2.2)
    Knockout (0.0.1)
      AspNetMvc (>= 4.0)
    Knockout.Mapping (2.4)
      knockoutjs (>= 2.0)
    knockoutjs (3.4)
    log4net (2.0.5)
    Machine.Specifications (0.9.3)
    Machine.Specifications.Runner.Console (0.9.2)
    Machine.Specifications.Should (0.8)
      Machine.Specifications (>= 0.9 < 1.0)
    Microsoft.AspNet.Mvc (4.0.40804)
      Microsoft.AspNet.Razor (>= 2.0.20710)
      Microsoft.AspNet.WebPages (>= 2.0.20710)
    Microsoft.AspNet.Razor (2.0.30506)
    Microsoft.AspNet.WebPages (2.0.30506)
      Microsoft.AspNet.Razor (>= 2.0.20710)
      Microsoft.Web.Infrastructure (>= 1.0)
    Microsoft.Bcl (1.1.10)
      Microsoft.Bcl.Build (>= 1.0.14)
    Microsoft.Bcl.Build (1.0.21) - import_targets: false
    Microsoft.CompilerServices.AsyncTargetingPack (1.0.1) - framework: net40, net40-full
    Microsoft.Net.Http (2.2.29)
      Microsoft.Bcl (>= 1.1.10)
      Microsoft.Bcl.Build (>= 1.0.14)
    Microsoft.Web.Administration (7.0)
    Microsoft.Web.Infrastructure (1.0)
    Microsoft.Web.Xdt (2.1.1)
    Mono.Cecil (0.9.6.1)
    Mono.Web.Xdt (1.0)
    Nancy (1.4.3)
    Nancy.Authentication.Forms (1.4.1)
      Nancy (>= 1.4.1)
    Nancy.Authentication.Stateless (1.4.1)
      Nancy (>= 1.4.1)
    Nancy.Hosting.Aspnet (1.4.1)
      Nancy (>= 1.4.1)
    Nancy.Hosting.Self (1.4.1)
      Nancy (>= 1.4.1)
    Nancy.Serialization.JsonNet (1.4.1)
      Nancy (>= 1.4.1)
      Newtonsoft.Json
    Nancy.Testing (1.4.1)
      CsQuery (>= 1.3.3)
      Nancy (>= 1.4.1)
    Nancy.Viewengines.Razor (1.4.3)
      Microsoft.AspNet.Razor (>= 2.0.30506)
      Nancy (>= 1.4.3)
    Newtonsoft.Json (8.0.3) - redirects: force
    NLog (4.2.3)
    NuGet.Core (2.10.1)
      Microsoft.Web.Xdt (>= 2.1)
    Octokit (0.19)
      Microsoft.Net.Http  - framework: net40, net40-full
    RavenDB.Client (2.5.25001)
      Microsoft.CompilerServices.AsyncTargetingPack  - framework: net40, net40-full
    RavenDB.Server (3.0.30115)
    Serilog (1.5.14)
    Serilog.Sinks.NLog (1.5.4)
      NLog (>= 3.0)
      Serilog (>= 1.4.204 < 2.0)
    SSH.NET (2013.4.7)
    System.Collections.Immutable (1.3.1)
    System.Reflection.Metadata (1.4.2)
      System.Collections.Immutable (>= 1.3.1) - framework: >= net45
    System.ValueTuple (4.3)
    System.Web.Razor.Unofficial (2.0.2)
    toastr (2.1.1)
      jQuery (>= 1.6.3)
    xunit (1.9.2)
    xunit.extensions (1.9.2)
      xunit (1.9.2)
    xunit.runners (1.9.2)
GITHUB
  remote: matthid/Yaaf.FSharp.Scripting
    src/source/Yaaf.FSharp.Scripting/YaafFSharpScripting.fs (40ef4e32a115962436809666b6868693be6444c2)
GROUP Build
CONTENT: NONE
NUGET
  remote: http://www.nuget.org/api/v2
    FAKE (4.54.0-alpha001)
    FSharp.Compiler.Service (2.0.0.6)
    FSharp.Formatting (2.14.2)
      FSharp.Compiler.Service (2.0.0.6)
      FSharpVSPowerTools.Core (>= 2.3 < 2.4)
    FSharp.Formatting.CommandTool (2.14.2)
    FSharpVSPowerTools.Core (2.3)
      FSharp.Compiler.Service (>= 2.0.0.3)
    ILRepack (2.0.10)
    NuGet.CommandLine (3.3)
    SourceLink.Fake (1.1)
